PATH
  remote: .
  specs:
    vamp_client (0.1.0)
      httparty (>= 0.14.0)

GEM
  remote: https://rubygems.org/
  specs:
    httparty (0.14.0)
      multi_xml (>= 0.5.2)
    multi_xml (0.6.0)
    rake (11.3.0)

PLATFORMS
  ruby

DEPENDENCIES
  bundler (~> 1.0)
  rake (> 11.0.1, < 12.0)
  vamp_client!

BUNDLED WITH
   1.14.3
